GEM
  remote: https://rubygems.org/
  specs:
    base64 (0.2.0)
    bcrypt (3.1.20)
    byebug (11.1.3)
    coderay (1.1.3)
    erubis (2.7.0)
    method_source (1.1.0)
    minitest (5.24.1)
    multi_json (1.15.0)
    mustermann (3.0.0)
      ruby2_keywords (~> 0.0.1)
    nio4r (2.7.3)
    pg (1.5.6)
    pry (0.14.2)
      coderay (~> 1.1)
      method_source (~> 1.0)
    pry-byebug (3.10.1)
      byebug (~> 11.0)
      pry (>= 0.13, < 0.15)
    puma (6.4.2)
      nio4r (~> 2.0)
    rack (3.1.6)
    rack-protection (4.0.0)
      base64 (>= 0.1.0)
      rack (>= 3.0.0, < 4)
    rack-session (2.0.0)
      rack (>= 3.0.0)
    rack-test (2.1.0)
      rack (>= 1.3)
    rackup (2.1.0)
      rack (>= 3)
      webrick (~> 1.8)
    ruby2_keywords (0.0.5)
    sinatra (4.0.0)
      mustermann (~> 3.0)
      rack (>= 3.0.0, < 4)
      rack-protection (= 4.0.0)
      rack-session (>= 2.0.0, < 3)
      tilt (~> 2.0)
    sinatra-contrib (4.0.0)
      multi_json (>= 0.0.2)
      mustermann (~> 3.0)
      rack-protection (= 4.0.0)
      sinatra (= 4.0.0)
      tilt (~> 2.0)
    tilt (2.4.0)
    webrick (1.8.1)

PLATFORMS
  arm64-darwin-23
  ruby

DEPENDENCIES
  bcrypt
  erubis
  minitest
  pg
  pry
  pry-byebug
  puma
  rack-test
  rackup
  sinatra
  sinatra-contrib

RUBY VERSION
   ruby 3.2.3p157

BUNDLED WITH
   2.5.14
